PATH
  remote: .
  specs:
    rbi (0.1.0)

GEM
  remote: https://rubygems.org/
  specs:
    ast (2.4.2)
    coderay (1.1.3)
    colorize (0.8.1)
    commander (4.5.2)
      highline (~> 2.0.0)
    highline (2.0.3)
    method_source (1.0.0)
    minitest (5.14.4)
    parallel (1.20.1)
    parlour (6.0.0)
      commander (~> 4.5)
      parser
      rainbow (~> 3.0)
      sorbet-runtime (>= 0.5)
    parser (3.0.0.0)
      ast (~> 2.4.1)
    pry (0.14.0)
      coderay (~> 1.1)
      method_source (~> 1.0)
    rainbow (3.0.0)
    rake (13.0.3)
    regexp_parser (2.1.1)
    rexml (3.2.4)
    rubocop (1.12.0)
      parallel (~> 1.10)
      parser (>= 3.0.0.0)
      rainbow (>= 2.2.2, < 4.0)
      regexp_parser (>= 1.8, < 3.0)
      rexml
      rubocop-ast (>= 1.2.0, < 2.0)
      ruby-progressbar (~> 1.7)
      unicode-display_width (>= 1.4.0, < 3.0)
    rubocop-ast (1.4.1)
      parser (>= 2.7.1.5)
    rubocop-shopify (2.0.1)
      rubocop (~> 1.11)
    rubocop-sorbet (0.6.1)
      rubocop
    ruby-progressbar (1.11.0)
    sorbet (0.5.6357)
      sorbet-static (= 0.5.6357)
    sorbet-runtime (0.5.6357)
    sorbet-static (0.5.6357-universal-darwin-19)
    sorbet-static (0.5.6357-x86_64-linux)
    spoom (1.1.0)
      colorize
      sorbet (>= 0.5.6347)
      sorbet-runtime
      thor (>= 0.19.2)
    tapioca (0.4.19)
      bundler (>= 1.17.3)
      parlour (>= 2.1.0)
      pry (>= 0.12.2)
      sorbet-runtime
      sorbet-static (>= 0.4.4471)
      spoom
      thor (>= 0.19.2)
    thor (1.1.0)
    unicode-display_width (2.0.0)

PLATFORMS
  x86_64-darwin-19
  x86_64-linux

DEPENDENCIES
  minitest
  rake (~> 13.0)
  rbi!
  rubocop (~> 1.7)
  rubocop-shopify
  rubocop-sorbet
  sorbet
  sorbet-runtime
  tapioca

BUNDLED WITH
   2.2.6
