PATH
  remote: .
  specs:
    rbi (0.0.6)
      ast
      parser
      sorbet-runtime (>= 0.5.9204)
      unparser

GEM
  remote: https://rubygems.org/
  specs:
    ast (2.4.2)
    byebug (11.1.3)
    coderay (1.1.3)
    colorize (0.8.1)
    diff-lcs (1.4.4)
    method_source (1.0.0)
    minitest (5.14.4)
    parallel (1.20.1)
    parser (3.0.1.1)
      ast (~> 2.4.1)
    pry (0.14.1)
      coderay (~> 1.1)
      method_source (~> 1.0)
    rainbow (3.0.0)
    rake (13.0.6)
    regexp_parser (2.1.1)
    rexml (3.2.5)
    rubocop (1.13.0)
      parallel (~> 1.10)
      parser (>= 3.0.0.0)
      rainbow (>= 2.2.2, < 4.0)
      regexp_parser (>= 1.8, < 3.0)
      rexml
      rubocop-ast (>= 1.2.0, < 2.0)
      ruby-progressbar (~> 1.7)
      unicode-display_width (>= 1.4.0, < 3.0)
    rubocop-ast (1.4.1)
      parser (>= 2.7.1.5)
    rubocop-shopify (2.0.1)
      rubocop (~> 1.11)
    rubocop-sorbet (0.6.1)
      rubocop
    ruby-progressbar (1.11.0)
    sorbet (0.5.9204)
      sorbet-static (= 0.5.9204)
    sorbet-runtime (0.5.9204)
    sorbet-static (0.5.9204-universal-darwin-19)
    sorbet-static (0.5.9204-universal-darwin-20)
    sorbet-static (0.5.9204-x86_64-linux)
    spoom (1.1.4)
      colorize
      sorbet (>= 0.5.9204)
      sorbet-runtime (>= 0.5.9204)
      thor (>= 0.19.2)
    tapioca (0.5.2)
      bundler (>= 1.17.3)
      pry (>= 0.12.2)
      rbi
      sorbet-runtime
      sorbet-static (>= 0.4.4471)
      spoom
      thor (>= 0.19.2)
      unparser
    thor (1.1.0)
    unicode-display_width (2.0.0)
    unparser (0.6.0)
      diff-lcs (~> 1.3)
      parser (>= 3.0.0)

PLATFORMS
  x86_64-darwin-19
  x86_64-darwin-20
  x86_64-linux

DEPENDENCIES
  byebug
  minitest
  rake (~> 13.0)
  rbi!
  rubocop (~> 1.7)
  rubocop-shopify
  rubocop-sorbet
  sorbet (>= 0.5.9204)
  tapioca (~> 0.5.2)

BUNDLED WITH
   2.2.29
