PATH
  remote: .
  specs:
    rbi (0.0.6)
      ast
      parser
      sorbet-runtime (>= 0.5.9204)
      unparser

GEM
  remote: https://oss:aIXdNDSSxs7ciqSM0yCrqkAM4lqoTzA6@gem.mutant.dev/
  specs:
    mutant-license (0.1.1.2.1310633056264669049025896512792929666012.1)

GEM
  remote: https://rubygems.org/
  specs:
    ast (2.4.2)
    byebug (11.1.3)
    diff-lcs (1.4.4)
    minitest (5.14.4)
    mutant (0.11.0)
      diff-lcs (~> 1.3)
      parser (~> 3.0.0)
      regexp_parser (~> 2.0, >= 2.0.3)
      sorbet-runtime (~> 0.5.0)
      unparser (~> 0.6.0)
    mutant-minitest (0.11.0)
      minitest (~> 5.11)
      mutant (= 0.11.0)
    parallel (1.20.1)
    parser (3.0.2.0)
      ast (~> 2.4.1)
    rainbow (3.0.0)
    rake (13.0.6)
    regexp_parser (2.1.1)
    rexml (3.2.5)
    rubocop (1.13.0)
      parallel (~> 1.10)
      parser (>= 3.0.0.0)
      rainbow (>= 2.2.2, < 4.0)
      regexp_parser (>= 1.8, < 3.0)
      rexml
      rubocop-ast (>= 1.2.0, < 2.0)
      ruby-progressbar (~> 1.7)
      unicode-display_width (>= 1.4.0, < 3.0)
    rubocop-ast (1.4.1)
      parser (>= 2.7.1.5)
    rubocop-shopify (2.0.1)
      rubocop (~> 1.11)
    rubocop-sorbet (0.6.1)
      rubocop
    ruby-progressbar (1.11.0)
    sorbet (0.5.9204)
      sorbet-static (= 0.5.9204)
    sorbet-runtime (0.5.9204)
    sorbet-static (0.5.9204-universal-darwin-19)
    sorbet-static (0.5.9204-universal-darwin-20)
    sorbet-static (0.5.9204-x86_64-linux)
    unicode-display_width (2.0.0)
    unparser (0.6.0)
      diff-lcs (~> 1.3)
      parser (>= 3.0.0)

PLATFORMS
  x86_64-darwin-19
  x86_64-darwin-20
  x86_64-linux

DEPENDENCIES
  byebug
  minitest
  mutant-license!
  mutant-minitest (~> 0.11.0)
  rake (~> 13.0)
  rbi!
  rubocop (~> 1.7)
  rubocop-shopify
  rubocop-sorbet
  sorbet (>= 0.5.9204)

BUNDLED WITH
   2.2.29
