PATH
  remote: .
  specs:
    rbi (0.0.16)
      ast
      parser (>= 2.6.4.0)
      sorbet-runtime (>= 0.5.9204)
      unparser

GEM
  remote: https://rubygems.org/
  specs:
    ansi (1.5.0)
    ast (2.4.2)
    builder (3.2.4)
    byebug (11.1.3)
    diff-lcs (1.5.0)
    json (2.6.3)
    minitest (5.18.0)
    minitest-reporters (1.6.0)
      ansi
      builder
      minitest (>= 5.0)
      ruby-progressbar
    netrc (0.11.0)
    parallel (1.22.1)
    parser (3.2.2.0)
      ast (~> 2.4.1)
    rainbow (3.1.1)
    rake (13.0.6)
    regexp_parser (2.7.0)
    rexml (3.2.5)
    rubocop (1.48.1)
      json (~> 2.3)
      parallel (~> 1.10)
      parser (>= 3.2.0.0)
      rainbow (>= 2.2.2, < 4.0)
      regexp_parser (>= 1.8, < 3.0)
      rexml (>= 3.2.5, < 4.0)
      rubocop-ast (>= 1.26.0, < 2.0)
      ruby-progressbar (~> 1.7)
      unicode-display_width (>= 2.4.0, < 3.0)
    rubocop-ast (1.28.0)
      parser (>= 3.2.1.0)
    rubocop-shopify (2.12.0)
      rubocop (~> 1.44)
    rubocop-sorbet (0.7.0)
      rubocop (>= 0.90.0)
    ruby-progressbar (1.13.0)
    sorbet (0.5.10746)
      sorbet-static (= 0.5.10746)
    sorbet-runtime (0.5.10746)
    sorbet-static (0.5.10746-universal-darwin-21)
    sorbet-static (0.5.10746-x86_64-linux)
    sorbet-static-and-runtime (0.5.10746)
      sorbet (= 0.5.10746)
      sorbet-runtime (= 0.5.10746)
    spoom (1.2.1)
      sorbet (>= 0.5.10187)
      sorbet-runtime (>= 0.5.9204)
      thor (>= 0.19.2)
    tapioca (0.11.4)
      bundler (>= 2.2.25)
      netrc (>= 0.11.0)
      parallel (>= 1.21.0)
      rbi (~> 0.0.0, >= 0.0.16)
      sorbet-static-and-runtime (>= 0.5.10187)
      spoom (~> 1.2.0, >= 1.2.0)
      thor (>= 1.2.0)
      yard-sorbet
    thor (1.2.1)
    unicode-display_width (2.4.2)
    unparser (0.6.7)
      diff-lcs (~> 1.3)
      parser (>= 3.2.0)
    webrick (1.7.0)
    yard (0.9.28)
      webrick (~> 1.7.0)
    yard-sorbet (0.8.0)
      sorbet-runtime (>= 0.5)
      yard (>= 0.9)

PLATFORMS
  arm64-darwin-21
  x86_64-linux

DEPENDENCIES
  byebug
  minitest
  minitest-reporters
  rake (~> 13.0)
  rbi!
  rubocop (~> 1.7)
  rubocop-shopify
  rubocop-sorbet
  sorbet (>= 0.5.9204)
  tapioca

BUNDLED WITH
   2.2.28
